GEM
  remote: http://rubygems.org/
  specs:
    addressable (2.3.8)
    cookiejar (0.3.2)
    curb (0.8.8)
    domain_name (0.5.24)
      unf (>= 0.0.5, < 1.0.0)
    em-http-request (1.0.3)
      addressable (>= 2.2.3)
      cookiejar
      em-socksify
      eventmachine (>= 1.0.0.beta.4)
      http_parser.rb (>= 0.5.3)
    em-socksify (0.3.0)
      eventmachine (>= 1.0.0.beta.4)
    ethon (0.7.3)
      ffi (>= 1.3.0)
    eventmachine (1.0.7)
    excon (0.45.3)
    ffi (1.9.8)
    get_process_mem (0.2.0)
    http-cookie (1.0.2)
      domain_name (~> 0.5)
    http_parser.rb (0.6.0)
    httparty (0.13.3)
      json (~> 1.8)
      multi_xml (>= 0.5.2)
    httpclient (2.6.0.1)
    httprb (0.1.5)
    json (1.8.2)
    mime-types (2.5)
    multi_json (1.11.0)
    multi_xml (0.5.5)
    net-http-persistent (2.9.4)
    netrc (0.10.3)
    oj (2.12.7)
    patron (0.4.20)
    rake (10.4.2)
    rest-client (1.8.0)
      http-cookie (>= 1.0.2, < 2.0)
      mime-types (>= 1.16, < 3.0)
      netrc (~> 0.7)
    righttp (0.1.5)
    rufus-jig (1.0.0)
      rufus-json (>= 0.2.5)
      rufus-lru
    rufus-json (1.0.6)
    rufus-lru (1.0.5)
    typhoeus (0.7.1)
      ethon (>= 0.7.1)
    unf (0.1.4)
      unf_ext
    unf_ext (0.0.7.1)
    yajl-ruby (1.2.1)

PLATFORMS
  ruby

DEPENDENCIES
  curb
  em-http-request (~> 1.0.2)
  eventmachine
  excon
  get_process_mem
  http-cookie
  httparty
  httpclient
  httprb
  multi_json
  net-http-persistent
  oj
  patron
  rake
  rest-client
  righttp
  rufus-jig
  typhoeus
  yajl-ruby
